GIT
  remote: http://github.com/clowder/puppet-lint
  revision: 5e6c53400e14d8234c50f042a2884880c1f7b1ef
  branch: glob-syntax-support
  specs:
    puppet-lint (0.1.12)

GEM
  remote: http://rubygems.org/
  specs:
    diff-lcs (1.1.3)
    facter (1.6.5)
    progressbar (0.10.0)
    puppet (2.6.12)
      facter (>= 1.5.1)
    rake (0.9.2.2)
    rspec (2.11.0)
      rspec-core (~> 2.11.0)
      rspec-expectations (~> 2.11.0)
      rspec-mocks (~> 2.11.0)
    rspec-core (2.11.0)
    rspec-expectations (2.11.1)
      diff-lcs (~> 1.1.3)
    rspec-mocks (2.11.1)
    rspec-puppet (0.1.3)
      rspec

PLATFORMS
  ruby

DEPENDENCIES
  progressbar
  puppet (= 2.6.12)
  puppet-lint!
  rake
  rspec
  rspec-puppet
